GEM
  remote: https://rubygems.org/
  specs:
    thread_safe (0.3.6)
    tzinfo (1.2.11)
      thread_safe (~> 0.1)
    tzinfo-data (1.2025.2)
      tzinfo (>= 1.0.0)

PLATFORMS
  x64-mingw-ucrt

DEPENDENCIES
  tzinfo (~> 1.2)
  tzinfo-data

BUNDLED WITH
   2.6.9
